PATH
  remote: .
  specs:
    vanity (1.8.0)
      redis (~> 2.0)
      redis-namespace (~> 1.0.0)

GEM
  remote: http://rubygems.org/
  specs:
    RedCloth (4.2.9)
    SystemTimer (1.2.3)
    actionmailer (2.3.14)
      actionpack (= 2.3.14)
    actionpack (2.3.14)
      activesupport (= 2.3.14)
      rack (~> 1.1.0)
    activerecord (2.3.14)
      activesupport (= 2.3.14)
    activeresource (2.3.14)
      activesupport (= 2.3.14)
    activesupport (2.3.14)
    addressable (2.2.8)
    albino (1.3.3)
      posix-spawn (>= 0.3.6)
    appraisal (0.4.1)
      bundler
      rake
    bson (1.6.4)
    bson_ext (1.6.4)
      bson (~> 1.6.4)
    classifier (1.3.3)
      fast-stemmer (>= 1.0.0)
    coderay (1.0.7)
    crack (0.3.1)
    directory_watcher (1.4.1)
    fast-stemmer (1.0.1)
    fastthread (1.0.7)
    garb (0.9.1)
      activesupport (>= 2.2.0)
      crack (>= 0.1.6)
    jekyll (0.11.2)
      albino (~> 1.3)
      classifier (~> 1.3)
      directory_watcher (~> 1.1)
      kramdown (~> 0.13)
      liquid (~> 2.3)
      maruku (~> 0.5)
    kramdown (0.13.7)
    liquid (2.3.0)
    maruku (0.6.0)
      syntax (>= 1.0.0)
    metaclass (0.0.1)
    method_source (0.8)
    mocha (0.12.1)
      metaclass (~> 0.0.1)
    mongo (1.6.4)
      bson (~> 1.6.4)
    mysql (2.8.1)
    passenger (2.2.15)
      fastthread (>= 1.0.1)
      rack
      rake (>= 0.8.1)
    pg (0.14.0)
    posix-spawn (0.3.6)
    pry (0.9.10)
      coderay (~> 1.0.5)
      method_source (~> 0.8)
      slop (~> 3.3.1)
    rack (1.1.3)
    rails (2.3.14)
      actionmailer (= 2.3.14)
      actionpack (= 2.3.14)
      activerecord (= 2.3.14)
      activeresource (= 2.3.14)
      activesupport (= 2.3.14)
      rake (>= 0.8.3)
    rake (0.9.2.2)
    redis (2.2.2)
    redis-namespace (1.0.3)
      redis (< 3.0.0)
    shoulda (3.0.1)
      shoulda-context (~> 1.0.0)
      shoulda-matchers (~> 1.0.0)
    shoulda-context (1.0.0)
    shoulda-matchers (1.0.0)
    slop (3.3.2)
    syntax (1.0.0)
    timecop (0.4.4)
    webmock (1.8.8)
      addressable (~> 2.2.8)
      crack (>= 0.1.7)
    yard (0.8.2.1)

PLATFORMS
  ruby

DEPENDENCIES
  RedCloth
  SystemTimer (= 1.2.3)
  appraisal
  bson_ext
  garb
  jekyll
  mocha
  mongo
  mysql
  passenger (~> 2.0)
  pg
  pry
  rack
  rails (~> 2.3.8)
  rake
  shoulda
  timecop
  vanity!
  webmock
  yard
