PATH
  remote: .
  specs:
    vanity (1.9.1)

GEM
  remote: https://rubygems.org/
  specs:
    RedCloth (4.2.9)
    SystemTimer (1.2.3)
    activesupport (2.3.14)
    addressable (2.2.7)
    albino (1.3.3)
      posix-spawn (>= 0.3.6)
    appraisal (1.0.0.beta2)
      bundler
      rake
      thor (>= 0.14.0)
    backports (3.3.5)
    bson (1.6.0)
    bson_ext (1.6.0)
      bson (= 1.6.0)
    classifier (1.3.3)
      fast-stemmer (>= 1.0.0)
    crack (0.3.1)
    directory_watcher (1.4.1)
    fast-stemmer (1.0.0)
    garb (0.9.1)
      activesupport (>= 2.2.0)
      crack (>= 0.1.6)
    integration (0.1.0)
    jekyll (0.11.2)
      albino (~> 1.3)
      classifier (~> 1.3)
      directory_watcher (~> 1.1)
      kramdown (~> 0.13)
      liquid (~> 2.3)
      maruku (~> 0.5)
    kramdown (0.13.5)
    liquid (2.3.0)
    maruku (0.6.0)
      syntax (>= 1.0.0)
    minitest (4.7.5)
    mongo (1.6.0)
      bson (= 1.6.0)
    posix-spawn (0.3.6)
    rack (1.1.3)
    rake (10.1.0)
    redis (3.0.6)
    redis-namespace (1.3.2)
      redis (~> 3.0.4)
    rubystats (0.2.3)
    sqlite3 (1.3.8)
    syntax (1.0.0)
    thor (0.18.1)
    timecop (0.3.5)
    webmock (1.8.0)
      addressable (>= 2.2.7)
      crack (>= 0.1.7)
    yard (0.7.5)

PLATFORMS
  ruby

DEPENDENCIES
  RedCloth
  SystemTimer (= 1.2.3)
  appraisal (>= 1.0.0.beta2)
  backports
  bson_ext
  bundler (>= 1.0.0)
  garb
  integration
  jekyll
  minitest (>= 4.2)
  mongo
  rack
  rake
  redis (>= 2.1)
  redis-namespace (>= 1.1.0)
  rubystats
  sqlite3
  timecop
  vanity!
  webmock
  yard
