PATH
  remote: .
  specs:
    vanity (3.0.0)
      i18n

GEM
  remote: https://rubygems.org/
  specs:
    RedCloth (4.2.9)
    RedCloth (4.2.9-java)
    activerecord (2.3.14)
      activesupport (= 2.3.14)
    activerecord-jdbc-adapter (1.3.15)
      activerecord (>= 2.2)
    activesupport (2.3.14)
    addressable (2.2.7)
    appraisal (2.0.2)
      bundler
      rake
      thor (>= 0.14.0)
    blankslate (2.1.2.4)
    bson (4.0.2)
    bson (4.0.2-java)
    celluloid (0.16.0)
      timers (~> 4.0.0)
    classifier-reborn (2.0.3)
      fast-stemmer (~> 1.0)
    coderay (1.1.1)
    coffee-script (2.4.1)
      coffee-script-source
      execjs
    coffee-script-source (1.9.1)
    colorator (0.1)
    concurrent-ruby (1.0.5)
    concurrent-ruby (1.0.5-java)
    crack (0.3.1)
    execjs (2.5.2)
    fakefs (0.6.7)
    fast-stemmer (1.0.2)
    ffi (1.15.5)
    ffi (1.15.5-java)
    garb (0.9.1)
      activesupport (>= 2.2.0)
      crack (>= 0.1.6)
    hitimes (1.2.2)
    i18n (1.0.1)
      concurrent-ruby (~> 1.0)
    integration (0.1.0)
    jdbc-sqlite3 (3.8.7)
    jekyll (2.5.3)
      classifier-reborn (~> 2.0)
      colorator (~> 0.1)
      jekyll-coffeescript (~> 1.0)
      jekyll-gist (~> 1.0)
      jekyll-paginate (~> 1.0)
      jekyll-sass-converter (~> 1.0)
      jekyll-watch (~> 1.1)
      kramdown (~> 1.3)
      liquid (~> 2.6.1)
      mercenary (~> 0.3.3)
      pygments.rb (~> 0.6.0)
      redcarpet (~> 3.1)
      safe_yaml (~> 1.0)
      toml (~> 0.1.0)
    jekyll-coffeescript (1.0.1)
      coffee-script (~> 2.2)
    jekyll-gist (1.2.1)
    jekyll-paginate (1.1.0)
    jekyll-sass-converter (1.3.0)
      sass (~> 3.2)
    jekyll-watch (1.2.1)
      listen (~> 2.7)
    kramdown (1.6.0)
    liquid (2.6.2)
    listen (2.10.0)
      celluloid (~> 0.16.0)
      rb-fsevent (>= 0.9.3)
      rb-inotify (>= 0.9)
    mercenary (0.3.5)
    method_source (0.8.2)
    minitest (4.7.5)
    mongo (2.2.3)
      bson (~> 4.0)
    parslet (1.5.0)
      blankslate (~> 2.0)
    posix-spawn (0.3.11)
    pry (0.10.3)
      coderay (~> 1.1.0)
      method_source (~> 0.8.1)
      slop (~> 3.4)
    pry (0.10.3-java)
      coderay (~> 1.1.0)
      method_source (~> 0.8.1)
      slop (~> 3.4)
      spoon (~> 0.0)
    pygments.rb (0.6.3)
      posix-spawn (~> 0.3.6)
      yajl-ruby (~> 1.2.0)
    rack (1.1.3)
    rake (10.1.0)
    rb-fsevent (0.9.4)
    rb-inotify (0.9.5)
      ffi (>= 0.5.0)
    redcarpet (3.2.3)
    redis (4.0.3)
    redis-namespace (1.6.0)
      redis (>= 3.0.4)
    rubystats (0.2.5)
    safe_yaml (1.0.4)
    sass (3.4.13)
    slop (3.6.0)
    spoon (0.0.6)
      ffi
    sqlite3 (1.3.10)
    thor (0.20.0)
    timecop (0.3.5)
    timers (4.0.1)
      hitimes
    toml (0.1.2)
      parslet (~> 1.5.0)
    webmock (1.8.0)
      addressable (>= 2.2.7)
      crack (>= 0.1.7)
    yajl-ruby (1.2.3)
    yard (0.9.16)

PLATFORMS
  java
  ruby

DEPENDENCIES
  RedCloth
  activerecord-jdbc-adapter
  appraisal (~> 2.0.0)
  bundler (>= 1.8.0)
  fakefs
  garb (< 0.9.2)
  integration (<= 0.1.0)
  jdbc-sqlite3
  jekyll (~> 2.5.3)
  minitest (>= 4.2)
  mongo (~> 2.1)
  pry
  rack
  rake
  redis (>= 3.2.1)
  redis-namespace (>= 1.1.0)
  rubystats (>= 0.2.5)
  sqlite3 (~> 1.3.10)
  timecop
  vanity!
  webmock
  yard

BUNDLED WITH
   1.17.1
